PATH
  remote: .
  specs:
    yard-sinatra (1.0.0)
      yard (~> 0.7)

GEM
  remote: https://rubygems.org/
  specs:
    diff-lcs (1.3)
    rspec (3.6.0)
      rspec-core (~> 3.6.0)
      rspec-expectations (~> 3.6.0)
      rspec-mocks (~> 3.6.0)
    rspec-core (3.6.0)
      rspec-support (~> 3.6.0)
    rspec-expectations (3.6.0)
      diff-lcs (>= 1.2.0, < 2.0)
      rspec-support (~> 3.6.0)
    rspec-mocks (3.6.0)
      diff-lcs (>= 1.2.0, < 2.0)
      rspec-support (~> 3.6.0)
    rspec-support (3.6.0)
    yard (0.7.2)

PLATFORMS
  ruby

DEPENDENCIES
  rspec (~> 3.6)
  yard-sinatra!

BUNDLED WITH
   1.15.4
