PATH
  remote: .
  specs:
    yard-sinatra (1.0.0)
      mustermann (>= 1.0)
      yard (~> 0.7)

GEM
  remote: http://rubygems.org/
  specs:
    diff-lcs (1.1.2)
    mustermann (1.0.2)
    rake (0.9.2)
    rspec (2.6.0)
      rspec-core (~> 2.6.0)
      rspec-expectations (~> 2.6.0)
      rspec-mocks (~> 2.6.0)
    rspec-core (2.6.4)
    rspec-expectations (2.6.0)
      diff-lcs (~> 1.1.2)
    rspec-mocks (2.6.0)
    yard (0.7.2)

PLATFORMS
  ruby

DEPENDENCIES
  rake
  rspec (~> 2.6)
  yard-sinatra!
